GEM
  specs:
    gosu (0.7.48)

PLATFORMS
  ruby

DEPENDENCIES
  gosu
